GIT
  remote: http://github.com/plataformatec/devise.git
  revision: 5f2a19d
  specs:
    devise (1.1.rc1)
      warden (~> 0.10.3)

GIT
  remote: http://github.com/rails/rails.git
  revision: 6356066
  specs:
    actionmailer (3.0.0.beta4)
      actionpack (= 3.0.0.beta4)
      mail (~> 2.2.3)
    actionpack (3.0.0.beta4)
      activemodel (= 3.0.0.beta4)
      activesupport (= 3.0.0.beta4)
      builder (~> 2.1.2)
      erubis (~> 2.6.5)
      i18n (~> 0.4.1)
      rack (~> 1.1.0)
      rack-mount (~> 0.6.3)
      rack-test (~> 0.5.4)
      tzinfo (~> 0.3.16)
    activemodel (3.0.0.beta4)
      activesupport (= 3.0.0.beta4)
      builder (~> 2.1.2)
      i18n (~> 0.4.1)
    activerecord (3.0.0.beta4)
      activemodel (= 3.0.0.beta4)
      activesupport (= 3.0.0.beta4)
      arel (~> 0.4.0)
      tzinfo (~> 0.3.16)
    activeresource (3.0.0.beta4)
      activemodel (= 3.0.0.beta4)
      activesupport (= 3.0.0.beta4)
    activesupport (3.0.0.beta4)
    rails (3.0.0.beta4)
      actionmailer (= 3.0.0.beta4)
      actionpack (= 3.0.0.beta4)
      activerecord (= 3.0.0.beta4)
      activeresource (= 3.0.0.beta4)
      activesupport (= 3.0.0.beta4)
      bundler (>= 0.9.26)
      railties (= 3.0.0.beta4)
    railties (3.0.0.beta4)
      actionpack (= 3.0.0.beta4)
      activesupport (= 3.0.0.beta4)
      rake (>= 0.8.3)
      thor (~> 0.13.6)

GEM
  remote: http://rubygems.org/
  specs:
    abstract (1.0.0)
    addressable (2.1.2)
    arel (0.4.0)
      activesupport (>= 3.0.0.beta)
    builder (2.1.2)
    bundler (1.0.0.beta.1)
    erubis (2.6.5)
      abstract (>= 1.0.0)
    faraday (0.4.6)
      addressable (>= 2.1.1)
      rack (>= 1.0.1)
    haml (3.0.12)
    hpricot (0.8.2)
    hpricot (0.8.2-java)
    hpricot (0.8.2-x86-mswin32)
    i18n (0.4.1)
    json (1.4.3)
    json (1.4.3-x86-mingw32)
    json (1.4.3-x86-mswin32)
    mail (2.2.3)
      activesupport (>= 2.3.6)
      mime-types
      treetop (>= 1.4.5)
    mime-types (1.16)
    mysql (2.8.1)
    mysql (2.8.1-x86-mingw32)
    mysql (2.8.1-x86-mswin32)
    oauth2 (0.0.8)
      faraday (~> 0.4.1)
    polyglot (0.3.1)
    rack (1.1.0)
    rack-mount (0.6.3)
    rack-test (0.5.4)
      rack (>= 1.0)
    rack_hoptoad (0.1.3)
      rack
      toadhopper (~> 1.0.1)
    rake (0.8.7)
    redis (1.0.7)
    redis-namespace (0.5.1)
      redis (< 3.0.0)
    resque (1.9.1)
      json (>= 1.1.0)
      redis-namespace (~> 0.5.0)
      sinatra (>= 0.9.2)
      vegas (~> 0.1.2)
    rubyzip (0.9.4)
    sinatra (1.0)
      rack (>= 1.0)
    thor (0.13.6)
    toadhopper (1.0.3)
    treetop (1.4.8)
      polyglot (>= 0.3.1)
    typhoeus (0.1.27)
      rack
    tzinfo (0.3.22)
    vegas (0.1.7)
      rack (>= 1.0.0)
    warden (0.10.7)
      rack (>= 1.0.0)
    will_paginate (3.0.pre)

PLATFORMS
  ruby

DEPENDENCIES
  devise!
  haml
  hpricot
  json
  mysql
  oauth2
  rack_hoptoad
  rails!
  redis (= 1.0.7)
  redis-namespace
  resque
  rubyzip
  typhoeus
  warden
  will_paginate (= 3.0.pre)
