GIT
  remote: git://github.com/jerryluk/devise_oauth2_authenticatable.git
  revision: 4a4b005
  specs:
    devise_oauth2_authenticatable (0.1.0)
      devise (>= 1.0.0)
      json
      oauth2

GIT
  remote: git://github.com/plataformatec/devise.git
  revision: 971f68f
  specs:
    devise (1.2.rc)
      bcrypt-ruby (~> 2.1.2)
      orm_adapter (~> 0.0.3)
      warden (~> 1.0.3)

GEM
  remote: http://rubygems.org/
  specs:
    actionmailer (4.2.11.3)
      actionpack (= 4.2.11.3)
      actionview (= 4.2.11.3)
      activejob (= 4.2.11.3)
      mail (~> 2.5, >= 2.5.4)
      rails-dom-testing (~> 1.0, >= 1.0.5)
    actionpack (4.2.11.3)
      actionview (= 4.2.11.3)
      activesupport (= 4.2.11.3)
      rack (~> 1.6)
      rack-test (~> 0.6.2)
      rails-dom-testing (~> 1.0, >= 1.0.5)
      rails-html-sanitizer (~> 1.0, >= 1.0.2)
    actionview (4.2.11.3)
      activesupport (= 4.2.11.3)
      builder (~> 3.1)
      erubis (~> 2.7.0)
      rails-dom-testing (~> 1.0, >= 1.0.5)
      rails-html-sanitizer (~> 1.0, >= 1.0.3)
    activejob (4.2.11.3)
      activesupport (= 4.2.11.3)
      globalid (>= 0.3.0)
    activemodel (4.2.11.3)
      activesupport (= 4.2.11.3)
      builder (~> 3.1)
    activerecord (4.2.11.3)
      activemodel (= 4.2.11.3)
      activesupport (= 4.2.11.3)
      arel (~> 6.0)
    activesupport (4.2.11.3)
      i18n (~> 0.7)
      minitest (~> 5.1)
      thread_safe (~> 0.3, >= 0.3.4)
      tzinfo (~> 1.1)
    addressable (2.2.2)
    arel (6.0.4)
    bcrypt-ruby (2.1.4)
    builder (3.2.4)
    concurrent-ruby (1.1.10)
    crass (1.0.6)
    erubis (2.7.0)
    faraday (0.5.4)
      addressable (~> 2.2.2)
      multipart-post (~> 1.1.0)
      rack (>= 1.1.0, < 2)
    globalid (0.4.2)
      activesupport (>= 4.2.0)
    haml (3.0.25)
    hpricot (0.8.3)
    i18n (0.9.5)
      concurrent-ruby (~> 1.0)
    json (1.4.6)
    loofah (2.18.0)
      crass (~> 1.0.2)
      nokogiri (>= 1.5.9)
    mail (2.7.1)
      mini_mime (>= 0.1.1)
    mini_mime (1.1.2)
    mini_portile2 (2.8.0)
    minitest (5.16.0)
    multi_json (0.0.5)
    multipart-post (1.1.0)
    mysql2 (0.2.13)
    nokogiri (1.13.6)
      mini_portile2 (~> 2.8.0)
      racc (~> 1.4)
    oauth2 (0.1.1)
      faraday (~> 0.5.0)
      multi_json (~> 0.0.4)
    orm_adapter (0.0.4)
    racc (1.6.0)
    rack (1.6.13)
    rack-test (0.6.3)
      rack (>= 1.0)
    rack_hoptoad (0.1.5)
      rack
      toadhopper (~> 1.0.1)
    rails (4.2.11.3)
      actionmailer (= 4.2.11.3)
      actionpack (= 4.2.11.3)
      actionview (= 4.2.11.3)
      activejob (= 4.2.11.3)
      activemodel (= 4.2.11.3)
      activerecord (= 4.2.11.3)
      activesupport (= 4.2.11.3)
      bundler (>= 1.3.0, < 2.0)
      railties (= 4.2.11.3)
      sprockets-rails
    rails-deprecated_sanitizer (1.0.4)
      activesupport (>= 4.2.0.alpha)
    rails-dom-testing (1.0.9)
      activesupport (>= 4.2.0, < 5.0)
      nokogiri (~> 1.6)
      rails-deprecated_sanitizer (>= 1.0.1)
    rails-html-sanitizer (1.4.3)
      loofah (~> 2.3)
    railties (4.2.11.3)
      actionpack (= 4.2.11.3)
      activesupport (= 4.2.11.3)
      rake (>= 0.8.7)
      thor (>= 0.18.1, < 2.0)
    rake (13.0.6)
    redis (2.1.1)
    redis-namespace (0.10.0)
      redis (< 3.0.0)
    resque (1.8.2)
      redis
      redis-namespace
      sinatra (>= 0.9.2)
      vegas (>= 0.1.2)
    riddle (1.2.2)
    rubyzip (0.9.4)
    sinatra (1.1.2)
      rack (~> 1.1)
      tilt (~> 1.2)
    sprockets (4.0.3)
      concurrent-ruby (~> 1.0)
      rack (> 1, < 3)
    sprockets-rails (3.2.2)
      actionpack (>= 4.0)
      activesupport (>= 4.0)
      sprockets (>= 3.0.0)
    thinking-sphinx (2.0.2)
      activerecord (>= 3.0.3)
      riddle (>= 1.2.2)
    thor (1.2.1)
    thread_safe (0.3.6)
    tilt (1.2.1)
    toadhopper (1.0.6)
    tzinfo (1.2.9)
      thread_safe (~> 0.1)
    vegas (0.1.8)
      rack (>= 1.0.0)
    warden (1.0.3)
      rack (>= 1.0.0)
    will_paginate (3.0.pre2)

PLATFORMS
  ruby

DEPENDENCIES
  devise!
  devise_oauth2_authenticatable!
  haml
  hpricot
  json
  mysql2 (~> 0.2.13)
  oauth2
  rack_hoptoad
  rails
  redis
  redis-namespace
  resque
  rubyzip
  sinatra
  thinking-sphinx
  warden
  will_paginate (= 3.0.pre2)
